GEM
  remote: https://rubygems.org/
  specs:
    matrix (0.4.2)

PLATFORMS
  arm64-darwin-24
  ruby

DEPENDENCIES
  matrix

RUBY VERSION
   ruby 3.4.4p34

BUNDLED WITH
   2.6.7
