GEM
  remote: https://rubygems.org/
  specs:
    matrix (0.4.2)

PLATFORMS
  arm64-darwin-23
  ruby

DEPENDENCIES
  matrix

RUBY VERSION
   ruby 3.3.0p0

BUNDLED WITH
   2.5.15
